PATH
  remote: .
  specs:
    jruby-prism-parser (1.2.0-java)

GEM
  remote: https://rubygems.org/
  specs:
    benchmark-ips (2.14.0)
    power_assert (2.0.4)
    rake (13.2.1)
    rake-compiler (1.2.8)
      rake
    test-unit (3.6.2)
      power_assert

PLATFORMS
  universal-java-11

DEPENDENCIES
  benchmark-ips
  ffi
  jruby-prism-parser!
  onigmo
  parser
  rake
  rake-compiler
  ruby_memcheck
  ruby_parser
  test-unit

BUNDLED WITH
   2.3.26
