PATH
  remote: .
  specs:
    jruby-prism-parser (0.23.0.pre.SNAPSHOT-java)

GEM
  remote: https://rubygems.org/
  specs:
    abbrev (0.1.2)
    ast (2.4.2)
    ffi (1.16.3)
    mini_portile2 (2.8.5)
    nokogiri (1.16.2)
      mini_portile2 (~> 2.8.2)
      racc (~> 1.4)
    nokogiri (1.16.2-java)
      racc (~> 1.4)
    parser (3.3.0.5)
      ast (~> 2.4.1)
      racc
    power_assert (2.0.3)
    racc (1.7.3)
    racc (1.7.3-java)
    rake (13.1.0)
    rake-compiler (1.2.6)
      rake
    rbs (3.4.3)
      abbrev
    ruby_memcheck (2.3.0)
      nokogiri
    ruby_parser (3.21.0)
      racc (~> 1.5)
      sexp_processor (~> 4.16)
    sexp_processor (4.17.1)
    test-unit (3.6.1)
      power_assert

PLATFORMS
  arm64-darwin-23
  universal-java-1.8

DEPENDENCIES
  ffi
  jruby-prism-parser!
  parser
  rake
  rake-compiler
  rbs
  ruby_memcheck
  ruby_parser
  test-unit

BUNDLED WITH
   2.3.26
